GEM
  remote: http://rubygems.org/
  specs:
    sqlite3-ruby (1.3.2)

PLATFORMS
  ruby

DEPENDENCIES
  sqlite3-ruby
